GEM
  remote: https://rubygems.org/
  specs:
    json (2.1.0)
    mini_portile2 (2.3.0)
    newrelic_plugin (1.3.1)
      json
    nokogiri (1.8.1)
      mini_portile2 (~> 2.3.0)
    passenger (5.1.12)
      rack
      rake (>= 0.8.1)
    power_assert (1.1.1)
    rack (2.0.3)
    rake (12.3.0)
    test-unit (3.2.7)
      power_assert

PLATFORMS
  ruby

DEPENDENCIES
  newrelic_plugin
  nokogiri
  passenger
  rake
  test-unit

BUNDLED WITH
   1.16.1
